GIT
  remote: git@github.com:jekyll/jekyll.git
  revision: b7bf19ff3143fae9cbf36413dda330febe6d0746
  ref: HEAD
  specs:
    jekyll (3.1.2)
      colorator (~> 1.0)
      jekyll-sass-converter (~> 1.0)
      jekyll-watch (~> 1.1)
      kramdown (~> 1.3)
      liquid (~> 3.0)
      mercenary (~> 0.3.3)
      rouge (~> 1.7)
      safe_yaml (~> 1.0)

GEM
  remote: https://rubygems.org/
  specs:
    colorator (1.0.0)
    ffi (1.9.10)
    hash-joiner (0.0.7)
      safe_yaml
    jekyll-sass-converter (1.4.0)
      sass (~> 3.4)
    jekyll-seo-tag (1.4.0)
      jekyll (~> 3.0)
    jekyll-sitemap (0.10.0)
    jekyll-watch (1.4.0)
      listen (~> 3.0, < 3.1)
    kramdown (1.11.1)
    liquid (3.0.6)
    listen (3.0.7)
      rb-fsevent (>= 0.9.3)
      rb-inotify (>= 0.9.7)
    mercenary (0.3.6)
    rb-fsevent (0.9.7)
    rb-inotify (0.9.7)
      ffi (>= 0.5.0)
    rouge (1.10.1)
    safe_yaml (1.0.4)
    sass (3.4.22)

PLATFORMS
  ruby

DEPENDENCIES
  hash-joiner
  jekyll!
  jekyll-seo-tag
  jekyll-sitemap

BUNDLED WITH
   1.12.1
